GEM
  remote: https://rubygems.org/
  specs:
    json (1.8.3)
    progressbar (0.21.0)

PLATFORMS
  ruby

DEPENDENCIES
  json
  progressbar
